GEM
  remote: https://rubygems.org/
  specs:
    minitest (5.0.6)
    rr (1.1.1)
    rubywarrior (0.1.3)

PLATFORMS
  ruby

DEPENDENCIES
  minitest
  rr
  rubywarrior
