GEM
  remote: https://rubygems.org/
  specs:
    minitest (5.0.6)
    rubywarrior (0.1.3)

PLATFORMS
  ruby

DEPENDENCIES
  minitest
  rubywarrior
