GEM
  remote: https://rubygems.org/
  specs:
    minitest (5.0.6)
    rubywarrior (0.1.3)
    simple_mock (0.0.2)

PLATFORMS
  ruby

DEPENDENCIES
  minitest
  rubywarrior
  simple_mock
