GIT
  remote: git://github.com/errinlarsen/minitest_ruby_warrior.git
  revision: 310cb28289b4fc92bb024dacc1e061492d9c101a
  specs:
    minitest_ruby_warrior (0.0.1)

GEM
  remote: https://rubygems.org/
  specs:
    minitest (5.0.6)
    rr (1.1.1)
    rubywarrior (0.1.3)

PLATFORMS
  ruby

DEPENDENCIES
  minitest
  minitest_ruby_warrior!
  rr
  rubywarrior
