GIT
  remote: git://github.com/errinlarsen/minitest_ruby_warrior.git
  revision: 5ff6fc9b1ce4356556c930192c8e28a1f6d2a759
  specs:
    minitest_ruby_warrior (0.0.2)

GEM
  remote: https://rubygems.org/
  specs:
    minitest (5.0.6)
    multi_json (1.7.9)
    rr (1.1.1)
    rubywarrior (0.1.3)
    simplecov (0.7.1)
      multi_json (~> 1.0)
      simplecov-html (~> 0.7.1)
    simplecov-html (0.7.1)

PLATFORMS
  ruby

DEPENDENCIES
  minitest
  minitest_ruby_warrior!
  rr
  rubywarrior
  simplecov
