PATH
  remote: test/minitest_ruby_warrior
  specs:
    minitest_ruby_warrior (0.0.1)

GEM
  remote: https://rubygems.org/
  specs:
    minitest (5.0.6)
    rr (1.1.1)
    rubywarrior (0.1.3)

PLATFORMS
  ruby

DEPENDENCIES
  minitest
  minitest_ruby_warrior!
  rr
  rubywarrior
